GEM
  remote: http://repo.it2.vm/repository/gem-group/
  specs:
    activesupport (5.2.0)
      concurrent-ruby (~> 1.0, >= 1.0.2)
      i18n (>= 0.7, < 2)
      minitest (~> 5.1)
      tzinfo (~> 1.1)
    addressable (2.5.2)
      public_suffix (>= 2.0.2, < 4.0)
    awesome_print (1.8.0)
    concurrent-ruby (1.0.5)
    diff-lcs (1.3)
    et-orbi (1.1.0)
      tzinfo
    factory_bot (4.8.2)
      activesupport (>= 3.0.0)
    i18n (1.0.1)
      concurrent-ruby (~> 1.0)
    json-schema (2.8.0)
      addressable (>= 2.4)
    minitest (5.11.3)
    public_suffix (3.0.2)
    rake (12.3.1)
    rspec (3.7.0)
      rspec-core (~> 3.7.0)
      rspec-expectations (~> 3.7.0)
      rspec-mocks (~> 3.7.0)
    rspec-core (3.7.1)
      rspec-support (~> 3.7.0)
    rspec-expectations (3.7.0)
      diff-lcs (>= 1.2.0, < 2.0)
      rspec-support (~> 3.7.0)
    rspec-mocks (3.7.0)
      diff-lcs (>= 1.2.0, < 2.0)
      rspec-support (~> 3.7.0)
    rspec-support (3.7.1)
    rufus-scheduler (3.4.2)
      et-orbi (~> 1.0)
    thread_safe (0.3.6)
    tzinfo (1.2.5)
      thread_safe (~> 0.1)
    yard (0.9.12)

PLATFORMS
  ruby

DEPENDENCIES
  activesupport
  awesome_print
  factory_bot
  json-schema
  rake
  rspec
  rufus-scheduler
  yard

BUNDLED WITH
   1.16.1
